PATH
  remote: .
  specs:
    aclatraz (0.1.4)
      dictionary (~> 1.0.0)

GEM
  remote: http://rubygems.org/
  specs:
    beefcake (0.3.2)
    bson (1.4.1)
    builder (2.1.2)
    cassandra (0.12.1)
      json
      rake
      simple_uuid (>= 0.2.0)
      thrift_client (>= 0.7.0)
    dictionary (1.0.0)
    diff-lcs (1.1.3)
    i18n (0.6.0)
    json (1.6.1)
    metaclass (0.0.1)
    mocha (0.10.0)
      metaclass (~> 0.0.1)
    mongo (1.4.1)
      bson (= 1.4.1)
    rake (0.9.2)
    redis (2.2.2)
    riak-client (0.9.8)
      beefcake (= 0.3.2)
      builder (~> 2.1.2)
      i18n (>= 0.4.0)
    rspec (2.6.0)
      rspec-core (~> 2.6.0)
      rspec-expectations (~> 2.6.0)
      rspec-mocks (~> 2.6.0)
    rspec-core (2.6.4)
    rspec-expectations (2.6.0)
      diff-lcs (~> 1.1.2)
    rspec-mocks (2.6.0)
    simple_uuid (0.2.0)
    thrift (0.7.0)
    thrift_client (0.7.1)
      thrift (~> 0.7.0)

PLATFORMS
  ruby

DEPENDENCIES
  aclatraz!
  cassandra (~> 0.12.1)
  mocha (~> 0.10.0)
  mongo (~> 1.4.1)
  redis (~> 2.2.2)
  riak-client (~> 0.9.8)
  rspec (~> 2.6.0)
